GEM
  remote: https://rubygems.org/
  specs:
    rake (11.3.0)
    redcarpet (3.3.4)

PLATFORMS
  ruby

DEPENDENCIES
  rake
  redcarpet

BUNDLED WITH
   1.13.6
